GEM
  remote: https://rubygems.org/
  specs:
    coderay (1.1.0)
    diff-lcs (1.2.5)
    junos-ez-stdlib (0.1.2)
      netconf (>= 0.2.5)
    method_source (0.8.2)
    mini_portile (0.6.0)
    net-scp (1.2.1)
      net-ssh (>= 2.6.5)
    net-ssh (2.9.1)
    netconf (0.3.1)
      net-scp
      net-ssh (>= 2.5.2)
      nokogiri (>= 1.5.5)
    nokogiri (1.6.2.1)
      mini_portile (= 0.6.0)
    pry (0.10.0)
      coderay (~> 1.1.0)
      method_source (~> 0.8.1)
      slop (~> 3.4)
    rspec (3.0.0)
      rspec-core (~> 3.0.0)
      rspec-expectations (~> 3.0.0)
      rspec-mocks (~> 3.0.0)
    rspec-core (3.0.2)
      rspec-support (~> 3.0.0)
    rspec-expectations (3.0.2)
      diff-lcs (>= 1.2.0, < 2.0)
      rspec-support (~> 3.0.0)
    rspec-mocks (3.0.2)
      rspec-support (~> 3.0.0)
    rspec-support (3.0.2)
    sloe (0.7.0)
      net-scp (>= 1.0.4)
      netconf (>= 0.2.5)
      snmp (>= 1.1.0)
    slop (3.5.0)
    snmp (1.1.1)

PLATFORMS
  ruby

DEPENDENCIES
  junos-ez-stdlib (~> 0.1.2)
  netconf (~> 0.3.1)
  pry
  rspec (~> 3.0.0)
  sloe (~> 0.7.0)
